GEM
  remote: https://rubygems.org/
  specs:
    ast (2.4.0)
    backports (3.11.1)
    multi_json (1.13.1)
    mustermann (1.0.2)
    parallel (1.12.1)
    parser (2.5.0.2)
      ast (~> 2.4.0)
    powerpack (0.1.1)
    rack (2.0.4)
    rack-protection (2.0.1)
      rack
    rainbow (3.0.0)
    rubocop (0.52.1)
      parallel (~> 1.10)
      parser (>= 2.4.0.2, < 3.0)
      powerpack (~> 0.1)
      rainbow (>= 2.2.2, < 4.0)
      ruby-progressbar (~> 1.7)
      unicode-display_width (~> 1.0, >= 1.0.1)
    ruby-progressbar (1.9.0)
    sinatra (2.0.1)
      mustermann (~> 1.0)
      rack (~> 2.0)
      rack-protection (= 2.0.1)
      tilt (~> 2.0)
    sinatra-contrib (2.0.1)
      backports (>= 2.0)
      multi_json
      mustermann (~> 1.0)
      rack-protection (= 2.0.1)
      sinatra (= 2.0.1)
      tilt (>= 1.3, < 3)
    tilt (2.0.8)
    unicode-display_width (1.3.0)

PLATFORMS
  x86-mingw32

DEPENDENCIES
  rubocop (~> 0.52.1)
  sinatra (~> 2.0)
  sinatra-contrib (~> 2.0)

BUNDLED WITH
   1.15.3
